PATH
  remote: .
  specs:
    win32-office (0.0.0)

GEM
  remote: http://rubygems.org/
  specs:
    rake (0.9.2.2)

PLATFORMS
  ruby

DEPENDENCIES
  rake (>= 0.9.2)
  win32-office!
